NUGET
  remote: https://www.nuget.org/api/v2
  specs:
    FSharp.Core (4.0.0.1)
    FSharpx.Collections (1.14)
      FSharp.Core (>= 3.0)
    Suave (1.1.2)
      FSharp.Core (>= 3.1.2.5)
